GEM
  remote: https://rubygems.org/
  specs:
    test-unit (2.0.0.0)
    thor (0.19.1)

PLATFORMS
  ruby

DEPENDENCIES
  test-unit
  thor
